GIT
  remote: https://github.com/windix/ruby-prowl.git
  revision: 7c6e8742e445d8b0e9b53538978f2ca0f5f045b9
  branch: use-post
  specs:
    prowl (0.1.3)

GIT
  remote: https://github.com/zenchild/Viewpoint
  revision: b5abd7f4b9ce602f67ff4e1ae9c95751eedcbb64
  specs:
    viewpoint (1.0.0.beta.2)
      httpclient
      logging
      nokogiri
      rubyntlm

GEM
  remote: https://rubygems.org/
  specs:
    atomic (1.1.14)
    httpclient (2.3.4.1)
    little-plugger (1.1.3)
    logging (1.8.1)
      little-plugger (>= 1.1.3)
      multi_json (>= 1.3.6)
    macaddr (1.6.1)
      systemu (~> 2.5.0)
    mini_portile (0.5.2)
    multi_json (1.8.2)
    nokogiri (1.6.0)
      mini_portile (~> 0.5.0)
    ruby-growl (4.0)
      uuid (~> 2.3, >= 2.3.5)
    rubyntlm (0.4.0)
    systemu (2.5.2)
    thread_safe (0.1.3)
      atomic
    tzinfo (1.1.0)
      thread_safe (~> 0.1)
    uuid (2.3.7)
      macaddr (~> 1.0)

PLATFORMS
  ruby

DEPENDENCIES
  prowl!
  ruby-growl
  tzinfo
  viewpoint!
